PATH
  remote: .
  specs:
    secrit (0.0.1)
      gpgme (~> 2.0.22)

GEM
  remote: https://rubygems.org/
  specs:
    gpgme (2.0.22)
      mini_portile2 (~> 2.7)
    mini_portile2 (2.8.4)
    minitest (5.19.0)
    mocha (1.16.1)

PLATFORMS
  x86_64-linux

DEPENDENCIES
  minitest (~> 5.0)
  mocha (~> 1.11)
  secrit!

BUNDLED WITH
   2.2.22
